GEM
  remote: http://rubygems.org/
  specs:
    abstract (1.0.0)
    actionmailer (3.0.3)
      actionpack (= 3.0.3)
      mail (~> 2.2.9)
    actionpack (3.0.3)
      activemodel (= 3.0.3)
      activesupport (= 3.0.3)
      builder (~> 2.1.2)
      erubis (~> 2.6.6)
      i18n (~> 0.4)
      rack (~> 1.2.1)
      rack-mount (~> 0.6.13)
      rack-test (~> 0.5.6)
      tzinfo (~> 0.3.23)
    activemodel (3.0.3)
      activesupport (= 3.0.3)
      builder (~> 2.1.2)
      i18n (~> 0.4)
    activerecord (3.0.3)
      activemodel (= 3.0.3)
      activesupport (= 3.0.3)
      arel (~> 2.0.2)
      tzinfo (~> 0.3.23)
    activeresource (3.0.3)
      activemodel (= 3.0.3)
      activesupport (= 3.0.3)
    activesupport (3.0.3)
    arel (2.0.6)
    awesome_print (0.3.1)
    bond (0.3.3)
    builder (2.1.2)
    calendar_date_select (1.16.1)
    daemons (1.1.0)
    erubis (2.6.6)
      abstract (>= 1.0.0)
    eventmachine (0.12.10)
    i18n (0.5.0)
    jquery-rails (0.2.6)
      rails (~> 3.0)
      thor (~> 0.14.4)
    mail (2.2.11)
      activesupport (>= 2.3.6)
      i18n (~> 0.5.0)
      mime-types (~> 1.16)
      treetop (~> 1.4.8)
    map_by_method (0.8.3)
    mime-types (1.16)
    mysql2 (0.2.6)
    mysql2 (0.2.6-x86-mingw32)
    nokogiri (1.4.4)
    nokogiri (1.4.4-x86-mingw32)
    polyglot (0.3.1)
    rack (1.2.1)
    rack-mount (0.6.13)
      rack (>= 1.0.0)
    rack-test (0.5.6)
      rack (>= 1.0)
    rails (3.0.3)
      actionmailer (= 3.0.3)
      actionpack (= 3.0.3)
      activerecord (= 3.0.3)
      activeresource (= 3.0.3)
      activesupport (= 3.0.3)
      bundler (~> 1.0)
      railties (= 3.0.3)
    railties (3.0.3)
      actionpack (= 3.0.3)
      activesupport (= 3.0.3)
      rake (>= 0.8.7)
      thor (~> 0.14.4)
    rake (0.8.7)
    rest-client (1.6.1)
      mime-types (>= 1.16)
    thin (1.2.7)
      daemons (>= 1.0.9)
      eventmachine (>= 0.12.6)
      rack (>= 1.0.0)
    thin (1.2.7-x86-mingw32)
      daemons (>= 1.0.9)
      eventmachine (>= 0.12.6)
      rack (>= 1.0.0)
    thor (0.14.6)
    treetop (1.4.9)
      polyglot (>= 0.3.1)
    tzinfo (0.3.23)
    will_paginate (2.3.15)
    wirble (0.1.3)

PLATFORMS
  ruby
  x86-mingw32

DEPENDENCIES
  awesome_print
  bond
  calendar_date_select
  jquery-rails
  map_by_method
  mysql2
  nokogiri
  rails (= 3.0.3)
  rest-client
  thin
  will_paginate
  wirble
